PATH
  remote: .
  specs:
    libvirt (0.2.1.dev)
      ffi (~> 1.1.5)
      nokogiri (~> 1.4.3)

GEM
  remote: http://rubygems.org/
  specs:
    bluecloth (2.0.9)
    ffi (1.1.5)
    mocha (0.9.10)
      rake
    nokogiri (1.4.7)
    protest (0.4.2)
    rake (0.8.7)
    yard (0.6.3)

PLATFORMS
  java
  ruby

DEPENDENCIES
  bluecloth (~> 2.0.9)
  libvirt!
  mocha (~> 0.9.8)
  protest (~> 0.4.0)
  yard (~> 0.6.1)
